GIT
  remote: git://github.com/mbleigh/colorist.git
  revision: c2a8dcc06d5ac9bbfc48ca86ae58ee7bef5de927
  specs:
    colorist (0.0.3)

GEM
  remote: http://rubygems.org/
  specs:
    rainbow (1.1.4)

PLATFORMS
  ruby

DEPENDENCIES
  colorist!
  rainbow
